GEM
  remote: http://rubygems.org/
  specs:
    activesupport (3.1.3)
      multi_json (~> 1.0)
    chunky_png (1.2.5)
    compass (0.12.alpha.2)
      chunky_png (~> 1.2)
      fssm (>= 0.2.7)
      sass (~> 3.1)
    cri (2.0.2)
    execjs (1.2.12)
      multi_json (~> 1.0)
    fssm (0.2.7)
    haml (3.1.4)
    i18n (0.6.0)
    json (1.6.3)
    kramdown (0.13.3)
    mime-types (1.17.2)
    multi_json (1.0.4)
    nanoc (3.2.3)
      nanoc3 (>= 3.2.3)
    nanoc3 (3.2.3)
      cri (~> 2.0)
    nokogiri (1.5.0)
    rack (1.3.5)
    sass (3.1.11)
    uglifier (1.1.0)
      execjs (>= 0.3.0)
      multi_json (>= 1.0.2)
    w3c_validators (1.2)
      json
      nokogiri

PLATFORMS
  ruby

DEPENDENCIES
  activesupport (~> 3.1)
  compass (~> 0.12.alpha.2)
  haml (~> 3.1.4)
  i18n
  kramdown
  mime-types
  nanoc (~> 3.2.3)
  nokogiri
  rack
  sass (~> 3.1.11)
  uglifier
  w3c_validators
