GEM
  remote: http://rubygems.org/
  specs:
    activesupport (3.2.1)
      i18n (~> 0.6)
      multi_json (~> 1.0)
    chunky_png (1.2.5)
    compass (0.12.alpha.4)
      chunky_png (~> 1.2)
      fssm (>= 0.2.7)
      sass (~> 3.1)
    compass-h5bp (0.0.2)
      compass
    cri (2.1.0)
    execjs (1.3.0)
      multi_json (~> 1.0)
    fssm (0.2.8.1)
    haml (3.1.4)
    i18n (0.6.0)
    json (1.6.5)
    kramdown (0.13.4)
    mime-types (1.17.2)
    multi_json (1.0.4)
    nanoc (3.2.4)
      nanoc3 (>= 3.2.4)
    nanoc3 (3.2.4)
      cri (~> 2.0)
    nokogiri (1.5.0)
    rack (1.4.1)
    sass (3.1.12)
    uglifier (1.2.2)
      execjs (>= 0.3.0)
      multi_json (>= 1.0.2)
    w3c_validators (1.2)
      json
      nokogiri

PLATFORMS
  ruby

DEPENDENCIES
  activesupport
  compass (~> 0.12.alpha.4)
  compass-h5bp (~> 0.0.2)
  haml (~> 3.1.4)
  i18n
  kramdown
  mime-types
  nanoc (~> 3.2.4)
  nokogiri
  rack
  sass (~> 3.1.12)
  uglifier
  w3c_validators
